GEM
  remote: https://rubygems.org/
  specs:
    exifr (1.4.0)

PLATFORMS
  ruby
  x86_64-linux

DEPENDENCIES
  exifr (~> 1.4)

BUNDLED WITH
   2.5.18
